GEM
  remote: https://rubygems.org/
  specs:
    dotenv (2.8.1)
    ffi (1.15.5)
    homie-mqtt (1.6.3)
      mqtt-ccutrer (~> 1.0, >= 1.0.3)
      ruby2_keywords (~> 0.0.5)
    mqtt-ccutrer (1.0.3)
    ruby2_keywords (0.0.5)
    sys-proctable (1.2.6)
      ffi

PLATFORMS
  ruby

DEPENDENCIES
  dotenv
  homie-mqtt (>= 1.2.2)
  sys-proctable

RUBY VERSION
   ruby 2.7.1p83

BUNDLED WITH
   2.1.4
