GEM
  remote: https://rubygems.org/
  specs:
    dotenv (2.7.6)
    ffi (1.14.2)
    homie-mqtt (1.2.2)
      mqtt-ccutrer (~> 1.0)
    mqtt-ccutrer (1.0.0)
    sys-proctable (1.2.6)
      ffi

PLATFORMS
  ruby

DEPENDENCIES
  dotenv
  homie-mqtt (>= 1.2.2)
  sys-proctable

RUBY VERSION
   ruby 2.7.1p83

BUNDLED WITH
   2.1.4
